GEM
  remote: https://rubygems.org/
  specs:
    ast (2.3.0)
    daemons (1.2.3)
    diff-lcs (1.2.5)
    docile (1.1.5)
    eventmachine (1.2.0.1)
    ffi (1.9.14)
    json (2.0.1)
    listen (3.1.5)
      rb-fsevent (~> 0.9, >= 0.9.4)
      rb-inotify (~> 0.9, >= 0.9.7)
      ruby_dep (~> 1.2)
    parser (2.3.1.2)
      ast (~> 2.2)
    powerpack (0.1.1)
    rack (1.6.4)
    rack-protection (1.5.3)
      rack
    rack-test (0.6.3)
      rack (>= 1.0)
    rainbow (2.1.0)
    rake (11.2.2)
    rb-fsevent (0.9.7)
    rb-inotify (0.9.7)
      ffi (>= 0.5.0)
    rerun (0.11.0)
      listen (~> 3.0)
    rspec (3.5.0)
      rspec-core (~> 3.5.0)
      rspec-expectations (~> 3.5.0)
      rspec-mocks (~> 3.5.0)
    rspec-core (3.5.1)
      rspec-support (~> 3.5.0)
    rspec-expectations (3.5.0)
      diff-lcs (>= 1.2.0, < 2.0)
      rspec-support (~> 3.5.0)
    rspec-mocks (3.5.0)
      diff-lcs (>= 1.2.0, < 2.0)
      rspec-support (~> 3.5.0)
    rspec-support (3.5.0)
    rubocop (0.41.2)
      parser (>= 2.3.1.1, < 3.0)
      powerpack (~> 0.1)
      rainbow (>= 1.99.1, < 3.0)
      ruby-progressbar (~> 1.7)
      unicode-display_width (~> 1.0, >= 1.0.1)
    rubocop-rspec (1.5.0)
      rubocop (>= 0.40.0)
    ruby-progressbar (1.8.1)
    ruby_dep (1.3.1)
    simplecov (0.12.0)
      docile (~> 1.1.0)
      json (>= 1.8, < 3)
      simplecov-html (~> 0.10.0)
    simplecov-html (0.10.0)
    sinatra (1.4.7)
      rack (~> 1.5)
      rack-protection (~> 1.4)
      tilt (>= 1.3, < 3)
    thin (1.7.0)
      daemons (~> 1.0, >= 1.0.9)
      eventmachine (~> 1.0, >= 1.0.4)
      rack (>= 1, < 3)
    tilt (2.0.5)
    unicode-display_width (1.1.0)

PLATFORMS
  ruby

DEPENDENCIES
  rack-test (~> 0.6.3)
  rake (~> 11.2.2)
  rb-fsevent (~> 0.9.7)
  rerun (~> 0.11.0)
  rspec (~> 3.5.0)
  rubocop (~> 0.41.2)
  rubocop-rspec (~> 1.5.0)
  simplecov (~> 0.12.0)
  sinatra (~> 1.4.0)
  thin (~> 1.7.0)

RUBY VERSION
   ruby 2.3.1p112

BUNDLED WITH
   1.12.5
